GEM
  remote: https://mirrors.tuna.tsinghua.edu.cn/rubygems/
  specs:
    cli-ui (2.2.3)
    perfect_toml (0.9.0)

PLATFORMS
  ruby
  x86_64-linux

DEPENDENCIES
  cli-ui
  perfect_toml (~> 0.9.0)

BUNDLED WITH
   2.5.16
