GEM
  remote: https://mirrors.tuna.tsinghua.edu.cn/rubygems/
  specs:
    cli-ui (2.2.3)

PLATFORMS
  ruby
  x86_64-linux

DEPENDENCIES
  cli-ui

BUNDLED WITH
   2.5.16
